PATH
  remote: .
  specs:
    corrency (0.2.1)

GEM
  remote: http://rubygems.org/
  specs:
    builder (3.0.0)
    cucumber (1.2.1)
      builder (>= 2.1.2)
      diff-lcs (>= 1.1.3)
      gherkin (~> 2.11.0)
      json (>= 1.4.6)
    diff-lcs (1.1.3)
    gherkin (2.11.5)
      json (>= 1.4.6)
    json (1.6.3)
    shoulda-context (1.0.1)

PLATFORMS
  ruby

DEPENDENCIES
  corrency!
  cucumber
  shoulda-context
